GEM
  remote: https://rubygems.org/
  specs:
    faraday (0.8.1)
      multipart-post (~> 1.1)
    multi_json (1.3.6)
    multipart-post (1.1.5)
    parseconfig (1.0.2)
    simple_oauth (0.1.8)
    twitter (3.3.0)
      faraday (~> 0.8)
      multi_json (~> 1.3)
      simple_oauth (~> 0.1.6)

PLATFORMS
  ruby

DEPENDENCIES
  parseconfig
  twitter
